GEM
  remote: https://rubygems.org/
  specs:
    daemons (1.4.0)
    eventmachine (1.2.7)
    excon (0.81.0)
    gabba (1.0.1)
    heroku-api (0.4.3)
      excon (~> 0.45)
      multi_json (~> 1.8)
    multi_json (1.15.0)
    mustermann (2.0.2)
      ruby2_keywords (~> 0.0.1)
    newrelic_rpm (7.0.0)
    pkg-config (1.5.5)
    rack (2.2.11)
    rack-protection (2.2.3)
      rack
    rmagick (5.3.0)
      pkg-config (~> 1.4)
    ruby2_keywords (0.0.5)
    sinatra (2.2.3)
      mustermann (~> 2.0)
      rack (~> 2.2)
      rack-protection (= 2.2.3)
      tilt (~> 2.0)
    thin (1.8.0)
      daemons (~> 1.0, >= 1.0.9)
      eventmachine (~> 1.0, >= 1.0.4)
      rack (>= 1, < 3)
    tilt (2.0.11)

PLATFORMS
  ruby

DEPENDENCIES
  gabba
  heroku-api
  newrelic_rpm
  rmagick
  sinatra
  thin

RUBY VERSION
   ruby 2.6.6p146

BUNDLED WITH
   2.2.14
